GEM
  remote: https://rubygems.org/
  specs:
    irb (1.0.0)
    pg (1.1.4)
    sequel (5.17.0)
    sequel_pg (1.11.0)
      pg (>= 0.18.0)
      sequel (>= 4.38.0)

PLATFORMS
  ruby

DEPENDENCIES
  irb!
  sequel_pg!

BUNDLED WITH
   2.0.1
